GEM
  remote: https://rubygems.org/
  specs:
    bigdecimal (3.1.9)
    liquid (5.6.0)
      bigdecimal
      strscan
    ox (2.14.19)
      bigdecimal (>= 3.0)
    strscan (3.1.2)

PLATFORMS
  arm64-darwin-23

DEPENDENCIES
  liquid
  ox

BUNDLED WITH
   2.4.22
