GEM
  remote: https://rubygems.org/
  specs:
    activesupport (8.0.2)
      base64
      benchmark (>= 0.3)
      bigdecimal
      concurrent-ruby (~> 1.0, >= 1.3.1)
      connection_pool (>= 2.2.5)
      drb
      i18n (>= 1.6, < 2)
      logger (>= 1.4.2)
      minitest (>= 5.1)
      securerandom (>= 0.3)
      tzinfo (~> 2.0, >= 2.0.5)
      uri (>= 0.13.1)
    addressable (2.8.7)
      public_suffix (>= 2.0.2, < 7.0)
    base64 (0.2.0)
    benchmark (0.4.0)
    bigdecimal (3.1.9)
    concurrent-ruby (1.3.5)
    connection_pool (2.5.0)
    drb (2.2.1)
    eventmachine (1.2.7)
    faraday (2.13.0)
      faraday-net_http (>= 2.0, < 3.5)
      json
      logger
    faraday-multipart (1.1.0)
      multipart-post (~> 2.0)
    faraday-net_http (3.4.0)
      net-http (>= 0.5.0)
    faye-websocket (0.11.3)
      eventmachine (>= 0.12.0)
      websocket-driver (>= 0.5.1)
    ferrum (0.16)
      addressable (~> 2.5)
      base64 (~> 0.2)
      concurrent-ruby (~> 1.1)
      webrick (~> 1.7)
      websocket-driver (~> 0.7)
    filewatcher (2.1.0)
      module_methods (~> 0.1.0)
    i18n (1.14.7)
      concurrent-ruby (~> 1.0)
    json (2.10.2)
    liquid (5.8.4)
      bigdecimal
      strscan (>= 3.1.1)
    logger (1.7.0)
    mime-types (3.6.2)
      logger
      mime-types-data (~> 3.2015)
    mime-types-data (3.2025.0408)
    mini_magick (4.12.0)
    minitest (5.25.5)
    module_methods (0.1.0)
    multipart-post (2.4.1)
    mustermann (3.0.3)
      ruby2_keywords (~> 0.0.1)
    net-http (0.6.0)
      uri
    nio4r (2.7.4)
    ox (2.14.21)
      bigdecimal (>= 3.0)
    public_suffix (6.0.1)
    puma (6.6.0)
      nio4r (~> 2.0)
    puppeteer-ruby (0.45.6)
      concurrent-ruby (>= 1.1, < 1.4)
      mime-types (>= 3.0)
      websocket-driver (>= 0.6.0)
    rack (3.1.12)
    rack-protection (4.1.1)
      base64 (>= 0.1.0)
      logger (>= 1.6.0)
      rack (>= 3.0.0, < 4)
    rack-session (2.1.0)
      base64 (>= 0.1.0)
      rack (>= 3.0.0)
    rackup (2.2.1)
      rack (>= 3)
    ruby2_keywords (0.0.5)
    rubyzip (2.3.2)
    securerandom (0.4.1)
    sinatra (4.1.1)
      logger (>= 1.6.0)
      mustermann (~> 3.0)
      rack (>= 3.0.0, < 4)
      rack-protection (= 4.1.1)
      rack-session (>= 2.0.0, < 3)
      tilt (~> 2.0)
    strscan (3.1.2)
    thor (1.3.2)
    tilt (2.6.0)
    trmnl_preview (0.4.0)
      activesupport (~> 8.0)
      faraday (~> 2.1)
      faraday-multipart (~> 1.1)
      faye-websocket (~> 0.11.3)
      ferrum (~> 0.16)
      filewatcher (~> 2.1)
      liquid (~> 5.6)
      mini_magick (~> 4.12.0)
      puma (~> 6.5)
      puppeteer-ruby (~> 0.45.6)
      rackup (~> 2.2)
      rubyzip (~> 2.3.0)
      sinatra (~> 4.1)
      thor (~> 1.3)
      xdg (~> 9.1)
    tzinfo (2.0.6)
      concurrent-ruby (~> 1.0)
    uri (1.0.3)
    webrick (1.9.1)
    websocket-driver (0.7.7)
      base64
      websocket-extensions (>= 0.1.0)
    websocket-extensions (0.1.5)
    xdg (9.1.0)

PLATFORMS
  arm64-darwin-23
  arm64-darwin-24

DEPENDENCIES
  ox
  trmnl_preview (~> 0.4)

RUBY VERSION
   ruby 3.4.2p28

BUNDLED WITH
   2.4.22
